GIT
  remote: git://github.com/plataformatec/devise.git
  revision: cc02d06c5823c667a53c52f6dddafe3109450d7d
  specs:
    devise (4.0.0.pre.dev)
      bcrypt (~> 3.0)
      orm_adapter (~> 0.1)
      railties (>= 4.1.0, < 5.1)
      responders
      warden (~> 1.2.3)

GEM
  remote: https://rubygems.org/
  remote: https://rails-assets.org/
  specs:
    actioncable (5.0.0.beta2)
      actionpack (= 5.0.0.beta2)
      nio4r (~> 1.2)
      websocket-driver (~> 0.6.1)
    actionmailer (5.0.0.beta2)
      actionpack (= 5.0.0.beta2)
      actionview (= 5.0.0.beta2)
      activejob (= 5.0.0.beta2)
      mail (~> 2.5, >= 2.5.4)
      rails-dom-testing (~> 1.0, >= 1.0.5)
    actionpack (5.0.0.beta2)
      actionview (= 5.0.0.beta2)
      activesupport (= 5.0.0.beta2)
      rack (~> 2.x)
      rack-test (~> 0.6.3)
      rails-dom-testing (~> 1.0, >= 1.0.5)
      rails-html-sanitizer (~> 1.0, >= 1.0.2)
    actionview (5.0.0.beta2)
      activesupport (= 5.0.0.beta2)
      builder (~> 3.1)
      erubis (~> 2.7.0)
      rails-dom-testing (~> 1.0, >= 1.0.5)
      rails-html-sanitizer (~> 1.0, >= 1.0.2)
    activejob (5.0.0.beta2)
      activesupport (= 5.0.0.beta2)
      globalid (>= 0.3.6)
    activemodel (5.0.0.beta2)
      activesupport (= 5.0.0.beta2)
    activerecord (5.0.0.beta2)
      activemodel (= 5.0.0.beta2)
      activesupport (= 5.0.0.beta2)
      arel (~> 7.0)
    activesupport (5.0.0.beta2)
      concurrent-ruby (~> 1.0)
      i18n (~> 0.7)
      json (~> 1.7, >= 1.7.7)
      method_source
      minitest (~> 5.1)
      tzinfo (~> 1.1)
    arel (7.0.0)
    ast (2.2.0)
    bcrypt (3.1.10)
    brakeman (3.1.4)
      erubis (~> 2.6)
      fastercsv (~> 1.5)
      haml (>= 3.0, < 5.0)
      highline (>= 1.6.20, < 2.0)
      multi_json (~> 1.2)
      ruby2ruby (>= 2.1.1, < 2.3.0)
      ruby_parser (~> 3.7.0)
      safe_yaml (>= 1.0)
      sass (~> 3.0)
      slim (>= 1.3.6, < 4.0)
      terminal-table (~> 1.4)
    builder (3.2.2)
    byebug (8.2.1)
    cancancan (1.13.1)
    closure_tree (6.0.0)
      activerecord (>= 4.1.0)
      with_advisory_lock (>= 3.0.0)
    coderay (1.1.0)
    coffee-rails (4.1.1)
      coffee-script (>= 2.2.0)
      railties (>= 4.0.0, < 5.1.x)
    coffee-script (2.4.1)
      coffee-script-source
      execjs
    coffee-script-source (1.10.0)
    concurrent-ruby (1.0.0)
    debug_inspector (0.0.2)
    dotenv (2.0.1)
    dotenv-rails (2.0.1)
      dotenv (= 2.0.1)
    erubis (2.7.0)
    execjs (2.6.0)
    fastercsv (1.5.5)
    font-awesome-rails (4.5.0.0)
      railties (>= 3.2, < 5.0)
    foreman (0.78.0)
      thor (~> 0.19.1)
    friendly_id (5.1.0)
      activerecord (>= 4.0.0)
    globalid (0.3.6)
      activesupport (>= 4.1.0)
    haml (4.0.7)
      tilt
    hashie (3.4.3)
    highline (1.7.8)
    i18n (0.7.0)
    jbuilder (2.4.0)
      activesupport (>= 3.0.0, < 5.1)
      multi_json (~> 1.2)
    jquery-rails (4.0.5)
      rails-dom-testing (~> 1.0)
      railties (>= 4.2.0)
      thor (>= 0.14, < 2.0)
    json (1.8.3)
    loofah (2.0.3)
      nokogiri (>= 1.5.9)
    mail (2.6.3)
      mime-types (>= 1.16, < 3)
    method_source (0.8.2)
    mime-types (2.99)
    mini_portile2 (2.0.0)
    minitest (5.8.4)
    multi_json (1.11.2)
    nio4r (1.2.1)
    nokogiri (1.6.7.2)
      mini_portile2 (~> 2.0.0.rc2)
    omniauth (1.3.1)
      hashie (>= 1.2, < 4)
      rack (>= 1.0, < 3)
    omniauth-openid (1.0.1)
      omniauth (~> 1.0)
      rack-openid (~> 1.3.1)
    orm_adapter (0.5.0)
    parser (2.3.0.1)
      ast (~> 2.2)
    pg (0.18.4)
    powerpack (0.1.1)
    pry (0.10.3)
      coderay (~> 1.1.0)
      method_source (~> 0.8.1)
      slop (~> 3.4)
    pry-rails (0.3.4)
      pry (>= 0.9.10)
    puma (2.15.3)
    rack (2.0.0.alpha)
      json
    rack-openid (1.3.1)
      rack (>= 1.1.0)
      ruby-openid (>= 2.1.8)
    rack-test (0.6.3)
      rack (>= 1.0)
    rails (5.0.0.beta2)
      actioncable (= 5.0.0.beta2)
      actionmailer (= 5.0.0.beta2)
      actionpack (= 5.0.0.beta2)
      actionview (= 5.0.0.beta2)
      activejob (= 5.0.0.beta2)
      activemodel (= 5.0.0.beta2)
      activerecord (= 5.0.0.beta2)
      activesupport (= 5.0.0.beta2)
      bundler (>= 1.3.0, < 2.0)
      railties (= 5.0.0.beta2)
      sprockets-rails (>= 2.0.0)
    rails-assets-bootstrap (3.3.6)
      rails-assets-jquery (>= 1.9.1, < 3)
    rails-assets-jquery (2.1.4)
    rails-deprecated_sanitizer (1.0.3)
      activesupport (>= 4.2.0.alpha)
    rails-dom-testing (1.0.7)
      activesupport (>= 4.2.0.beta, < 5.0)
      nokogiri (~> 1.6.0)
      rails-deprecated_sanitizer (>= 1.0.1)
    rails-html-sanitizer (1.0.3)
      loofah (~> 2.0)
    railties (5.0.0.beta2)
      actionpack (= 5.0.0.beta2)
      activesupport (= 5.0.0.beta2)
      method_source
      rake (>= 0.8.7)
      thor (>= 0.18.1, < 2.0)
    rainbow (2.0.0)
    rake (10.5.0)
    responders (2.1.1)
      railties (>= 4.2.0, < 5.1)
    rgeo (0.5.2)
    rgeo-geojson (0.4.2)
      rgeo (~> 0.5)
    rubocop (0.36.0)
      parser (>= 2.3.0.0, < 3.0)
      powerpack (~> 0.1)
      rainbow (>= 1.99.1, < 3.0)
      ruby-progressbar (~> 1.7)
    ruby-openid (2.7.0)
    ruby-progressbar (1.7.5)
    ruby2ruby (2.2.0)
      ruby_parser (~> 3.1)
      sexp_processor (~> 4.0)
    ruby_parser (3.7.2)
      sexp_processor (~> 4.1)
    safe_yaml (1.0.4)
    sass (3.4.20)
    sexp_processor (4.6.0)
    simple_form (3.2.1)
      actionpack (> 4, < 5.1)
      activemodel (> 4, < 5.1)
    slim (3.0.6)
      temple (~> 0.7.3)
      tilt (>= 1.3.3, < 2.1)
    slop (3.6.0)
    spring (1.6.1)
    sprockets (3.5.2)
      concurrent-ruby (~> 1.0)
      rack (> 1, < 3)
    sprockets-rails (3.0.1)
      actionpack (>= 4.0)
      activesupport (>= 4.0)
      sprockets (>= 3.0.0)
    temple (0.7.6)
    terminal-table (1.5.2)
    thor (0.19.1)
    thread_safe (0.3.5)
    tilt (2.0.1)
    turbolinks (2.5.3)
      coffee-rails
    tzinfo (1.2.2)
      thread_safe (~> 0.1)
    uglifier (2.7.2)
      execjs (>= 0.3.0)
      json (>= 1.8.0)
    warden (1.2.4)
      rack (>= 1.0)
    web-console (3.0.0)
      activemodel (>= 4.2)
      debug_inspector
      railties (>= 4.2)
    websocket-driver (0.6.3)
      websocket-extensions (>= 0.1.0)
    websocket-extensions (0.1.2)
    with_advisory_lock (3.0.0)
      activerecord (>= 3.2)
      thread_safe

PLATFORMS
  ruby

DEPENDENCIES
  brakeman
  byebug
  cancancan
  closure_tree
  coffee-rails (~> 4.1.0)
  devise!
  dotenv-rails
  font-awesome-rails
  foreman
  friendly_id
  haml
  jbuilder (~> 2.0)
  jquery-rails
  omniauth
  omniauth-openid
  pg
  pry-rails
  puma
  rails (>= 5.0.0.beta1, < 5.1)
  rails-assets-bootstrap!
  rgeo
  rgeo-geojson
  rubocop
  simple_form
  spring
  turbolinks
  tzinfo-data
  uglifier (>= 1.3.0)
  web-console (~> 3.0)

BUNDLED WITH
   1.11.2
